GEM
  remote: http://rubygems.org/
  specs:
    XMLCanonicalizer (1.0.1)
      log4r (>= 1.0.4)
    actionmailer (3.1.0)
      actionpack (= 3.1.0)
      mail (~> 2.3.0)
    actionpack (3.1.0)
      activemodel (= 3.1.0)
      activesupport (= 3.1.0)
      builder (~> 3.0.0)
      erubis (~> 2.7.0)
      i18n (~> 0.6)
      rack (~> 1.3.2)
      rack-cache (~> 1.0.3)
      rack-mount (~> 0.8.2)
      rack-test (~> 0.6.1)
      sprockets (~> 2.0.0)
    activemodel (3.1.0)
      activesupport (= 3.1.0)
      bcrypt-ruby (~> 3.0.0)
      builder (~> 3.0.0)
      i18n (~> 0.6)
    activerecord (3.1.0)
      activemodel (= 3.1.0)
      activesupport (= 3.1.0)
      arel (~> 2.2.1)
      tzinfo (~> 0.3.29)
    activeresource (3.1.0)
      activemodel (= 3.1.0)
      activesupport (= 3.1.0)
    activesupport (3.1.0)
      multi_json (~> 1.0)
    addressable (2.2.6)
    arel (2.2.1)
    bcrypt-ruby (3.0.1)
    builder (3.0.0)
    cancan (1.6.6)
    capybara (1.1.1)
      mime-types (>= 1.16)
      nokogiri (>= 1.3.3)
      rack (>= 1.0.0)
      rack-test (>= 0.5.4)
      selenium-webdriver (~> 2.0)
      xpath (~> 0.1.4)
    childprocess (0.2.2)
      ffi (~> 1.0.6)
    cocaine (0.2.0)
    coffee-script (2.2.0)
      coffee-script-source
      execjs
    coffee-script-source (1.1.2)
    cucumber (1.1.0)
      builder (>= 2.1.2)
      diff-lcs (>= 1.1.2)
      gherkin (~> 2.5.0)
      json (>= 1.4.6)
      term-ansicolor (>= 1.0.6)
    cucumber-rails (1.1.0)
      capybara (>= 1.1.1)
      cucumber (>= 1.1.0)
      nokogiri (>= 1.5.0)
    daemons (1.1.4)
    database_cleaner (0.6.7)
    devise (1.4.7)
      bcrypt-ruby (~> 3.0)
      orm_adapter (~> 0.0.3)
      warden (~> 1.0.3)
    devise_invitable (0.5.5)
      devise (~> 1.4.1)
      rails (>= 3.0.0, < 3.2)
    diff-lcs (1.1.3)
    em-websocket (0.3.1)
      addressable (>= 2.1.1)
      eventmachine (>= 0.12.9)
    erubis (2.7.0)
    event-calendar (2.3.3)
    eventmachine (0.12.10)
    excon (0.7.3)
    execjs (1.2.9)
      multi_json (~> 1.0)
    factory_girl (2.1.2)
      activesupport
    factory_girl_rails (1.2.0)
      factory_girl (~> 2.1.0)
      railties (>= 3.0.0)
    faraday (0.7.4)
      addressable (~> 2.2.6)
      multipart-post (~> 1.1.0)
      rack (>= 1.1.0, < 2)
    ffi (1.0.9)
    fog (1.0.0)
      builder
      excon (~> 0.7.3)
      formatador (~> 0.2.0)
      mime-types
      multi_json (~> 1.0.3)
      net-scp (~> 1.0.4)
      net-ssh (~> 2.1.4)
      nokogiri (~> 1.5.0)
      ruby-hmac
    formatador (0.2.1)
    gherkin (2.5.1)
      json (>= 1.4.6)
    guard (0.8.1)
      thor (~> 0.14.6)
    guard-coffeescript (0.4.2)
      coffee-script (>= 2.2.0)
      guard (>= 0.4)
    guard-cucumber (0.6.3)
      cucumber (>= 0.10)
      guard (>= 0.4.0)
    guard-livereload (0.3.1)
      em-websocket (>= 0.2.0)
      guard (>= 0.4.0)
      multi_json (~> 1.0.3)
    guard-rails (0.0.3)
      guard (>= 0.2.2)
    guard-rspec (0.4.5)
      guard (>= 0.4.0)
    guard-spork (0.2.1)
      guard (>= 0.2.2)
      spork (>= 0.8.4)
    guard-uglify (0.1.0)
      guard (>= 0.2.2)
      uglifier
    has_scope (0.5.1)
    hike (1.2.1)
    i18n (0.6.0)
    inherited_resources (1.3.0)
      has_scope (~> 0.5.0)
      responders (~> 0.6.0)
    jquery-rails (1.0.14)
      railties (~> 3.0)
      thor (~> 0.14)
    json (1.6.1)
    json_pure (1.6.1)
    launchy (2.0.5)
      addressable (~> 2.2.6)
    log4r (1.1.9)
    macaddr (1.4.0)
      systemu (~> 2.2.0)
    mail (2.3.0)
      i18n (>= 0.4.0)
      mime-types (~> 1.16)
      treetop (~> 1.4.8)
    mime-types (1.16)
    multi_json (1.0.3)
    multi_xml (0.4.1)
    multipart-post (1.1.3)
    net-ldap (0.2.2)
    net-scp (1.0.4)
      net-ssh (>= 1.99.1)
    net-ssh (2.1.4)
    nokogiri (1.5.0)
    oa-basic (0.3.0)
      oa-core (= 0.3.0)
      rest-client (~> 1.6.0)
    oa-core (0.3.0)
    oa-enterprise (0.3.0)
      XMLCanonicalizer (~> 1.0.1)
      addressable (~> 2.2.6)
      net-ldap (~> 0.2.2)
      nokogiri (~> 1.5.0)
      oa-core (= 0.3.0)
      pyu-ruby-sasl (~> 0.0.3.1)
      rubyntlm (~> 0.1.1)
      uuid
    oa-more (0.3.0)
      multi_json (~> 1.0.0)
      oa-core (= 0.3.0)
      rest-client (~> 1.6.0)
    oa-oauth (0.3.0)
      faraday (~> 0.7.3)
      multi_json (~> 1.0.0)
      multi_xml (~> 0.4.0)
      oa-core (= 0.3.0)
      oauth (~> 0.4.0)
      oauth2 (~> 0.5.0)
    oa-openid (0.3.0)
      oa-core (= 0.3.0)
      rack-openid (~> 1.3.1)
      ruby-openid-apps-discovery (~> 1.2.0)
    oauth (0.4.5)
    oauth2 (0.5.1)
      faraday (~> 0.7.4)
      multi_json (~> 1.0.3)
    omniauth (0.3.0)
      oa-basic (= 0.3.0)
      oa-core (= 0.3.0)
      oa-enterprise (= 0.3.0)
      oa-more (= 0.3.0)
      oa-oauth (= 0.3.0)
      oa-openid (= 0.3.0)
    orm_adapter (0.0.5)
    paperclip (2.4.2)
      activerecord (>= 2.3.0)
      activesupport (>= 2.3.2)
      cocaine (>= 0.0.2)
      mime-types
    pg (0.11.0)
    polyglot (0.3.2)
    pyu-ruby-sasl (0.0.3.3)
    rack (1.3.3)
    rack-cache (1.0.3)
      rack (>= 0.4)
    rack-mount (0.8.3)
      rack (>= 1.0.0)
    rack-openid (1.3.1)
      rack (>= 1.1.0)
      ruby-openid (>= 2.1.8)
    rack-ssl (1.3.2)
      rack
    rack-test (0.6.1)
      rack (>= 1.0)
    rails (3.1.0)
      actionmailer (= 3.1.0)
      actionpack (= 3.1.0)
      activerecord (= 3.1.0)
      activeresource (= 3.1.0)
      activesupport (= 3.1.0)
      bundler (~> 1.0)
      railties (= 3.1.0)
    rails-footnotes (3.7.4)
      rails (>= 3.0.0)
    railties (3.1.0)
      actionpack (= 3.1.0)
      activesupport (= 3.1.0)
      rack-ssl (~> 1.3.2)
      rake (>= 0.8.7)
      rdoc (~> 3.4)
      thor (~> 0.14.6)
    rake (0.9.2)
    rb-fsevent (0.4.3.1)
    rdoc (3.9.4)
    responders (0.6.4)
    rest-client (1.6.7)
      mime-types (>= 1.16)
    rspec (2.6.0)
      rspec-core (~> 2.6.0)
      rspec-expectations (~> 2.6.0)
      rspec-mocks (~> 2.6.0)
    rspec-core (2.6.4)
    rspec-expectations (2.6.0)
      diff-lcs (~> 1.1.2)
    rspec-mocks (2.6.0)
    rspec-rails (2.6.1)
      actionpack (~> 3.0)
      activesupport (~> 3.0)
      railties (~> 3.0)
      rspec (~> 2.6.0)
    ruby-hmac (0.4.0)
    ruby-openid (2.1.8)
    ruby-openid-apps-discovery (1.2.0)
      ruby-openid (>= 2.1.7)
    rubyntlm (0.1.1)
    rubyzip (0.9.4)
    selenium-webdriver (2.7.0)
      childprocess (>= 0.2.1)
      ffi (>= 1.0.7)
      json_pure
      rubyzip
    shoulda-matchers (1.0.0.beta3)
    simplecov (0.5.3)
      multi_json (~> 1.0.3)
      simplecov-html (~> 0.5.3)
    simplecov-html (0.5.3)
    spork (0.9.0.rc9)
    sprockets (2.0.0)
      hike (~> 1.2)
      rack (~> 1.0)
      tilt (~> 1.1, != 1.3.0)
    state_machine (1.0.2)
    systemu (2.2.0)
    term-ansicolor (1.0.6)
    thin (1.2.11)
      daemons (>= 1.0.9)
      eventmachine (>= 0.12.6)
      rack (>= 1.0.0)
    thor (0.14.6)
    tilt (1.3.3)
    treetop (1.4.10)
      polyglot
      polyglot (>= 0.3.1)
    tzinfo (0.3.30)
    uglifier (1.0.3)
      execjs (>= 0.3.0)
      multi_json (>= 1.0.2)
    uuid (2.3.4)
      macaddr (~> 1.0)
    warden (1.0.5)
      rack (>= 1.0)
    will_paginate (3.0.2)
    xpath (0.1.4)
      nokogiri (~> 1.3)

PLATFORMS
  ruby

DEPENDENCIES
  cancan
  capybara
  cucumber-rails
  database_cleaner
  devise
  devise_invitable
  event-calendar
  factory_girl_rails
  fog
  guard
  guard-coffeescript
  guard-cucumber
  guard-livereload
  guard-rails
  guard-rspec
  guard-spork
  guard-uglify
  inherited_resources
  jquery-rails
  launchy
  oa-openid
  omniauth (~> 0.3.0.rc3)
  paperclip (~> 2.3)
  pg
  rails (= 3.1.0)
  rails-footnotes (>= 3.7)
  rb-fsevent
  rspec-rails (>= 2.0.1)
  shoulda-matchers
  simplecov (>= 0.4.0)
  spork (~> 0.9.0.rc)
  state_machine
  thin
  will_paginate (~> 3.0)
